GIT
  remote: git://github.com/karafka/karafka.git
  revision: 3600c1beb4c84f784e28fb2cf5104ccd4cbd22d0
  specs:
    karafka (0.2.0)
      activesupport
      envlogic
      poseidon
      poseidon_cluster
      puma
      sidekiq
      sidekiq-glass
      sinatra

GEM
  remote: https://rubygems.org/
  specs:
    activesupport (4.2.5)
      i18n (~> 0.7)
      json (~> 1.7, >= 1.7.7)
      minitest (~> 5.1)
      thread_safe (~> 0.3, >= 0.3.4)
      tzinfo (~> 1.1)
    bigdecimal (1.2.7)
    cassandra-driver (2.1.5)
      ione (~> 1.2)
    celluloid (0.16.0)
      timers (~> 4.0.0)
    coderay (1.1.0)
    connection_pool (2.2.0)
    envlogic (1.0.0)
      activesupport
    hitimes (1.2.3)
    i18n (0.7.0)
    ione (1.2.0)
    json (1.8.3)
    method_source (0.8.2)
    minitest (5.8.2)
    null-logger (0.1.0)
    poseidon (0.0.5)
    poseidon_cluster (0.3.3)
      poseidon (>= 0.0.5, < 0.1.0)
      zk
    pry (0.10.3)
      coderay (~> 1.1.0)
      method_source (~> 0.8.1)
      slop (~> 3.4)
    pry-remote (0.1.8)
      pry (~> 0.9)
      slop (~> 3.0)
    puma (2.15.3)
    rack (1.6.4)
    rack-protection (1.5.3)
      rack
    rake (10.4.2)
    redis (3.2.1)
    redis-namespace (1.5.2)
      redis (~> 3.0, >= 3.0.4)
    sidekiq (3.4.1)
      celluloid (~> 0.16.0)
      connection_pool (>= 2.1.1)
      json
      redis (>= 3.0.6)
      redis-namespace (>= 1.3.1)
    sidekiq-glass (0.1.3)
      celluloid (= 0.16.0)
      null-logger
      sidekiq (= 3.4.1)
    sinatra (1.4.6)
      rack (~> 1.4)
      rack-protection (~> 1.4)
      tilt (>= 1.3, < 3)
    slop (3.6.0)
    thread_safe (0.3.5)
    tilt (2.0.1)
    timers (4.0.4)
      hitimes
    tzinfo (1.2.2)
      thread_safe (~> 0.1)
    zk (1.9.6)
      zookeeper (~> 1.4.0)
    zookeeper (1.4.11)

PLATFORMS
  ruby

DEPENDENCIES
  bigdecimal
  cassandra-driver
  json
  karafka!
  pry
  pry-remote
  rake

BUNDLED WITH
   1.10.5
